GEM
  remote: http://ruby.taobao.org/
  specs:
    chunky_png (1.2.9)
    rack (1.5.2)
    rack-protection (1.5.1)
      rack
    rqrcode (0.4.2)
    rqrcode_png (0.1.2)
      chunky_png
      rqrcode
    sinatra (1.4.4)
      rack (~> 1.4)
      rack-protection (~> 1.4)
      tilt (~> 1.3, >= 1.3.4)
    tilt (1.4.1)

PLATFORMS
  java
  ruby

DEPENDENCIES
  rqrcode_png (~> 0.1.2)
  sinatra (~> 1.4.4)
